GEM
  remote: https://rubygems.org/
  specs:
    cuba (3.4.0)
      rack
    dotenv (2.0.2)
    mobilyws (0.1.0)
    puma (2.11.2)
      rack (>= 1.1, < 2.0)
    rack (1.6.4)
    shotgun (0.9.1)
      rack (>= 1.0)

PLATFORMS
  ruby

DEPENDENCIES
  cuba
  dotenv
  mobilyws
  puma
  shotgun

BUNDLED WITH
   1.10.6
