GEM
  remote: https://rubygems.org/
  specs:
    cuba (3.9.2)
      rack (>= 1.6.0)
    dotenv (2.5.0)
    mobilyws (0.2.0)
    puma (3.12.0)
    rack (2.0.6)
    shotgun (0.9.2)
      rack (>= 1.0)

PLATFORMS
  ruby

DEPENDENCIES
  cuba
  dotenv
  mobilyws
  puma
  shotgun

RUBY VERSION
   ruby 2.5.1p57

BUNDLED WITH
   1.16.1
